GEM
  remote: http://rubygems.org/
  specs:
    chunky_png (1.3.8)

PLATFORMS
  ruby

DEPENDENCIES
  chunky_png

BUNDLED WITH
   1.13.7
