GEM
  remote: http://rubygems.org/
  specs:
    chunky_png (1.3.8)

PLATFORMS
  ruby
  x64-mingw32

DEPENDENCIES
  chunky_png

BUNDLED WITH
   1.15.1
